GEM
  remote: https://rubygems.org/
  specs:
    debug (1.7.1)

PLATFORMS
  arm64-darwin-21
  x86_64-darwin-21

DEPENDENCIES
  debug

BUNDLED WITH
   2.4.6
